GEM
  remote: https://rubygems.org/
  specs:
    ast (2.4.2)
    bigdecimal (3.1.8)
    cogger (0.27.0)
      core (~> 1.7)
      refinements (~> 12.8)
      tone (~> 1.0)
      zeitwerk (~> 2.6)
    concurrent-ruby (1.3.4)
    containable (0.5.0)
      concurrent-ruby (~> 1.2)
    core (1.8.0)
    curses (1.4.6)
    diff-lcs (1.5.1)
    docile (1.4.1)
    dry-configurable (1.2.0)
      dry-core (~> 1.0, < 2)
      zeitwerk (~> 2.6)
    dry-core (1.0.1)
      concurrent-ruby (~> 1.0)
      zeitwerk (~> 2.6)
    dry-inflector (1.1.0)
    dry-initializer (3.1.1)
    dry-logic (1.5.0)
      concurrent-ruby (~> 1.0)
      dry-core (~> 1.0, < 2)
      zeitwerk (~> 2.6)
    dry-monads (1.6.0)
      concurrent-ruby (~> 1.0)
      dry-core (~> 1.0, < 2)
      zeitwerk (~> 2.6)
    dry-schema (1.13.4)
      concurrent-ruby (~> 1.0)
      dry-configurable (~> 1.0, >= 1.0.1)
      dry-core (~> 1.0, < 2)
      dry-initializer (~> 3.0)
      dry-logic (>= 1.4, < 2)
      dry-types (>= 1.7, < 2)
      zeitwerk (~> 2.6)
    dry-types (1.7.2)
      bigdecimal (~> 3.0)
      concurrent-ruby (~> 1.0)
      dry-core (~> 1.0)
      dry-inflector (~> 1.0)
      dry-logic (~> 1.4)
      zeitwerk (~> 2.6)
    erubi (1.13.0)
    etcher (2.3.0)
      cogger (~> 0.26)
      core (~> 1.7)
      dry-monads (~> 1.6)
      dry-types (~> 1.7)
      refinements (~> 12.8)
      versionaire (~> 13.0)
      zeitwerk (~> 2.6)
    faker (3.4.2)
      i18n (>= 1.8.11, < 2)
    flay (2.13.3)
      erubi (~> 1.10)
      path_expander (~> 1.0)
      ruby_parser (~> 3.0)
      sexp_processor (~> 4.0)
    flog (4.8.0)
      path_expander (~> 1.0)
      ruby_parser (~> 3.1, > 3.1.0)
      sexp_processor (~> 4.8)
    git-lint (8.3.0)
      cogger (~> 0.26)
      containable (~> 0.2)
      core (~> 1.7)
      dry-monads (~> 1.6)
      dry-schema (~> 1.13)
      etcher (~> 2.1)
      gitt (~> 3.8)
      infusible (~> 3.8)
      refinements (~> 12.8)
      runcom (~> 11.5)
      sod (~> 0.14)
      spek (~> 3.0)
      tone (~> 1.0)
      zeitwerk (~> 2.6)
    gitt (3.8.1)
      core (~> 1.7)
      dry-monads (~> 1.6)
      refinements (~> 12.8)
      zeitwerk (~> 2.6)
    i18n (1.14.5)
      concurrent-ruby (~> 1.0)
    influxdb-client (3.1.0)
    infusible (3.10.1)
      marameters (~> 3.3)
    json (2.7.2)
    language_server-protocol (3.17.0.3)
    marameters (3.7.0)
      refinements (~> 12.8)
      zeitwerk (~> 2.6)
    optparse (0.5.0)
    parallel (1.26.3)
    parser (3.3.5.0)
      ast (~> 2.4.1)
      racc
    path_expander (1.1.2)
    pg (1.5.8)
    racc (1.8.1)
    rainbow (3.1.1)
    reek (6.3.0)
      dry-schema (~> 1.13.0)
      parser (~> 3.3.0)
      rainbow (>= 2.0, < 4.0)
      rexml (~> 3.1)
    refinements (12.8.0)
    regexp_parser (2.9.2)
    rexml (3.3.7)
    rspec (3.13.0)
      rspec-core (~> 3.13.0)
      rspec-expectations (~> 3.13.0)
      rspec-mocks (~> 3.13.0)
    rspec-core (3.13.1)
      rspec-support (~> 3.13.0)
    rspec-expectations (3.13.3)
      diff-lcs (>= 1.2.0, < 2.0)
      rspec-support (~> 3.13.0)
    rspec-mocks (3.13.1)
      diff-lcs (>= 1.2.0, < 2.0)
      rspec-support (~> 3.13.0)
    rspec-support (3.13.1)
    rubocop (1.66.1)
      json (~> 2.3)
      language_server-protocol (>= 3.17.0)
      parallel (~> 1.10)
      parser (>= 3.3.0.2)
      rainbow (>= 2.2.2, < 4.0)
      regexp_parser (>= 2.4, < 3.0)
      rubocop-ast (>= 1.32.2, < 2.0)
      ruby-progressbar (~> 1.7)
      unicode-display_width (>= 2.4.0, < 3.0)
    rubocop-ast (1.32.3)
      parser (>= 3.3.1.0)
    rubocop-rspec (3.0.4)
      rubocop (~> 1.61)
    ruby-progressbar (1.13.0)
    ruby_parser (3.21.1)
      racc (~> 1.5)
      sexp_processor (~> 4.16)
    runcom (11.7.0)
      refinements (~> 12.8)
      xdg (~> 8.6)
      zeitwerk (~> 2.6)
    sexp_processor (4.17.2)
    simplecov (0.22.0)
      docile (~> 1.1)
      simplecov-html (~> 0.11)
      simplecov_json_formatter (~> 0.1)
    simplecov-html (0.12.3)
    simplecov_json_formatter (0.1.4)
    sod (0.15.0)
      cogger (~> 0.26)
      containable (~> 0.2)
      infusible (~> 3.8)
      optparse (~> 0.5)
      refinements (~> 12.8)
      tone (~> 1.0)
      zeitwerk (~> 2.6)
    spek (3.7.0)
      dry-monads (~> 1.6)
      refinements (~> 12.8)
      versionaire (~> 13.0)
      zeitwerk (~> 2.6)
    tone (1.7.0)
      refinements (~> 12.8)
      zeitwerk (~> 2.6)
    unicode-display_width (2.5.0)
    versionaire (13.7.0)
      refinements (~> 12.8)
    xdg (8.7.0)
    yard (0.9.37)
    zeitwerk (2.6.18)

PLATFORMS
  arm64-darwin-22
  arm64-darwin-23

DEPENDENCIES
  curses
  faker
  flay
  flog
  git-lint
  influxdb-client
  pg
  reek
  rspec
  rspec-mocks
  rubocop
  rubocop-rspec
  simplecov
  yard

BUNDLED WITH
   2.4.10
