GEM
  remote: https://rubygems.org/
  specs:
    ast (2.4.2)
    cogger (0.14.0)
      core (~> 0.1)
      refinements (~> 11.0)
      tone (~> 0.3)
      zeitwerk (~> 2.6)
    concurrent-ruby (1.2.2)
    core (0.1.6)
    curses (1.4.4)
    diff-lcs (1.5.0)
    dry-configurable (1.1.0)
      dry-core (~> 1.0, < 2)
      zeitwerk (~> 2.6)
    dry-container (0.11.0)
      concurrent-ruby (~> 1.0)
    dry-core (1.0.1)
      concurrent-ruby (~> 1.0)
      zeitwerk (~> 2.6)
    dry-inflector (1.0.0)
    dry-initializer (3.1.1)
    dry-logic (1.5.0)
      concurrent-ruby (~> 1.0)
      dry-core (~> 1.0, < 2)
      zeitwerk (~> 2.6)
    dry-monads (1.6.0)
      concurrent-ruby (~> 1.0)
      dry-core (~> 1.0, < 2)
      zeitwerk (~> 2.6)
    dry-schema (1.13.3)
      concurrent-ruby (~> 1.0)
      dry-configurable (~> 1.0, >= 1.0.1)
      dry-core (~> 1.0, < 2)
      dry-initializer (~> 3.0)
      dry-logic (>= 1.4, < 2)
      dry-types (>= 1.7, < 2)
      zeitwerk (~> 2.6)
    dry-types (1.7.1)
      concurrent-ruby (~> 1.0)
      dry-core (~> 1.0)
      dry-inflector (~> 1.0)
      dry-logic (~> 1.4)
      zeitwerk (~> 2.6)
    etcher (0.5.1)
      cogger (~> 0.12)
      core (~> 0.1)
      dry-monads (~> 1.6)
      dry-types (~> 1.7)
      refinements (~> 11.0)
      versionaire (~> 12.1)
      zeitwerk (~> 2.6)
    faker (3.2.2)
      i18n (>= 1.8.11, < 2)
    git-lint (6.2.1)
      cogger (~> 0.12)
      core (~> 0.1)
      dry-container (~> 0.11)
      dry-monads (~> 1.6)
      dry-schema (~> 1.13)
      etcher (~> 0.2)
      gitt (~> 2.0)
      infusible (~> 2.2)
      refinements (~> 11.0)
      runcom (~> 10.0)
      sod (~> 0.0)
      spek (~> 2.0)
      tone (~> 0.3)
      zeitwerk (~> 2.6)
    gitt (2.2.0)
      core (~> 0.1)
      dry-monads (~> 1.6)
      refinements (~> 11.0)
      zeitwerk (~> 2.6)
    i18n (1.14.1)
      concurrent-ruby (~> 1.0)
    influxdb-client (2.9.0)
    infusible (2.2.1)
      marameters (~> 2.0)
      zeitwerk (~> 2.6)
    json (2.6.3)
    language_server-protocol (3.17.0.3)
    marameters (2.1.1)
      refinements (~> 11.0)
      zeitwerk (~> 2.6)
    parallel (1.23.0)
    parser (3.2.2.4)
      ast (~> 2.4.1)
      racc
    pg (1.5.4)
    racc (1.7.3)
    rainbow (3.1.1)
    refinements (11.1.3)
    regexp_parser (2.8.2)
    rexml (3.2.6)
    rspec (3.12.0)
      rspec-core (~> 3.12.0)
      rspec-expectations (~> 3.12.0)
      rspec-mocks (~> 3.12.0)
    rspec-core (3.12.2)
      rspec-support (~> 3.12.0)
    rspec-expectations (3.12.3)
      diff-lcs (>= 1.2.0, < 2.0)
      rspec-support (~> 3.12.0)
    rspec-mocks (3.12.6)
      diff-lcs (>= 1.2.0, < 2.0)
      rspec-support (~> 3.12.0)
    rspec-support (3.12.1)
    rubocop (1.57.2)
      json (~> 2.3)
      language_server-protocol (>= 3.17.0)
      parallel (~> 1.10)
      parser (>= 3.2.2.4)
      rainbow (>= 2.2.2, < 4.0)
      regexp_parser (>= 1.8, < 3.0)
      rexml (>= 3.2.5, < 4.0)
      rubocop-ast (>= 1.28.1, < 2.0)
      ruby-progressbar (~> 1.7)
      unicode-display_width (>= 2.4.0, < 3.0)
    rubocop-ast (1.30.0)
      parser (>= 3.2.1.0)
    rubocop-capybara (2.19.0)
      rubocop (~> 1.41)
    rubocop-factory_bot (2.24.0)
      rubocop (~> 1.33)
    rubocop-rspec (2.25.0)
      rubocop (~> 1.40)
      rubocop-capybara (~> 2.17)
      rubocop-factory_bot (~> 2.22)
    ruby-progressbar (1.13.0)
    runcom (10.2.1)
      refinements (~> 11.0)
      xdg (~> 7.1)
      zeitwerk (~> 2.6)
    sod (0.3.1)
      cogger (~> 0.12)
      dry-container (~> 0.11)
      infusible (~> 2.2)
      refinements (~> 11.0)
      tone (~> 0.3)
      zeitwerk (~> 2.6)
    spek (2.1.1)
      dry-monads (~> 1.6)
      refinements (~> 11.0)
      versionaire (~> 12.0)
      zeitwerk (~> 2.6)
    tone (0.4.2)
      refinements (~> 11.0)
      zeitwerk (~> 2.6)
    unicode-display_width (2.5.0)
    versionaire (12.1.1)
      refinements (~> 11.0)
    xdg (7.1.3)
    yard (0.9.34)
    zeitwerk (2.6.12)

PLATFORMS
  arm64-darwin-22
  arm64-darwin-23

DEPENDENCIES
  curses
  faker
  git-lint
  influxdb-client
  pg
  rspec
  rspec-mocks
  rubocop
  rubocop-rspec
  yard

BUNDLED WITH
   2.4.10
