GEM
  remote: https://rubygems.org/
  specs:
    ast (2.4.2)
    bigdecimal (3.1.8)
    cogger (0.20.0)
      core (~> 1.0)
      refinements (~> 12.1)
      tone (~> 1.0)
      zeitwerk (~> 2.6)
    concurrent-ruby (1.3.1)
    containable (0.2.0)
      concurrent-ruby (~> 1.2)
    core (1.4.1)
    curses (1.4.5)
    diff-lcs (1.5.1)
    docile (1.4.0)
    dry-configurable (1.1.0)
      dry-core (~> 1.0, < 2)
      zeitwerk (~> 2.6)
    dry-core (1.0.1)
      concurrent-ruby (~> 1.0)
      zeitwerk (~> 2.6)
    dry-inflector (1.0.0)
    dry-initializer (3.1.1)
    dry-logic (1.5.0)
      concurrent-ruby (~> 1.0)
      dry-core (~> 1.0, < 2)
      zeitwerk (~> 2.6)
    dry-monads (1.6.0)
      concurrent-ruby (~> 1.0)
      dry-core (~> 1.0, < 2)
      zeitwerk (~> 2.6)
    dry-schema (1.13.4)
      concurrent-ruby (~> 1.0)
      dry-configurable (~> 1.0, >= 1.0.1)
      dry-core (~> 1.0, < 2)
      dry-initializer (~> 3.0)
      dry-logic (>= 1.4, < 2)
      dry-types (>= 1.7, < 2)
      zeitwerk (~> 2.6)
    dry-types (1.7.2)
      bigdecimal (~> 3.0)
      concurrent-ruby (~> 1.0)
      dry-core (~> 1.0)
      dry-inflector (~> 1.0)
      dry-logic (~> 1.4)
      zeitwerk (~> 2.6)
    erubi (1.12.0)
    etcher (1.6.0)
      cogger (~> 0.15)
      core (~> 1.0)
      dry-monads (~> 1.6)
      dry-types (~> 1.7)
      refinements (~> 12.1)
      versionaire (~> 13.0)
      zeitwerk (~> 2.6)
    faker (3.4.1)
      i18n (>= 1.8.11, < 2)
    flay (2.13.3)
      erubi (~> 1.10)
      path_expander (~> 1.0)
      ruby_parser (~> 3.0)
      sexp_processor (~> 4.0)
    flog (4.8.0)
      path_expander (~> 1.0)
      ruby_parser (~> 3.1, > 3.1.0)
      sexp_processor (~> 4.8)
    git-lint (7.5.0)
      cogger (~> 0.15)
      containable (~> 0.0)
      core (~> 1.0)
      dry-monads (~> 1.6)
      dry-schema (~> 1.13)
      etcher (~> 1.6)
      gitt (~> 3.2)
      infusible (~> 3.5)
      refinements (~> 12.1)
      runcom (~> 11.0)
      sod (~> 0.8)
      spek (~> 3.0)
      tone (~> 1.0)
      zeitwerk (~> 2.6)
    gitt (3.4.0)
      core (~> 1.0)
      dry-monads (~> 1.6)
      refinements (~> 12.1)
      zeitwerk (~> 2.6)
    i18n (1.14.5)
      concurrent-ruby (~> 1.0)
    influxdb-client (3.1.0)
    infusible (3.8.0)
      marameters (~> 3.3)
    json (2.7.2)
    language_server-protocol (3.17.0.3)
    marameters (3.4.1)
      refinements (~> 12.1)
      zeitwerk (~> 2.6)
    parallel (1.24.0)
    parser (3.3.2.0)
      ast (~> 2.4.1)
      racc
    path_expander (1.1.1)
    pg (1.5.6)
    racc (1.8.0)
    rainbow (3.1.1)
    reek (6.3.0)
      dry-schema (~> 1.13.0)
      parser (~> 3.3.0)
      rainbow (>= 2.0, < 4.0)
      rexml (~> 3.1)
    refinements (12.4.0)
    regexp_parser (2.9.2)
    rexml (3.2.8)
      strscan (>= 3.0.9)
    rspec (3.13.0)
      rspec-core (~> 3.13.0)
      rspec-expectations (~> 3.13.0)
      rspec-mocks (~> 3.13.0)
    rspec-core (3.13.0)
      rspec-support (~> 3.13.0)
    rspec-expectations (3.13.0)
      diff-lcs (>= 1.2.0, < 2.0)
      rspec-support (~> 3.13.0)
    rspec-mocks (3.13.1)
      diff-lcs (>= 1.2.0, < 2.0)
      rspec-support (~> 3.13.0)
    rspec-support (3.13.1)
    rubocop (1.64.1)
      json (~> 2.3)
      language_server-protocol (>= 3.17.0)
      parallel (~> 1.10)
      parser (>= 3.3.0.2)
      rainbow (>= 2.2.2, < 4.0)
      regexp_parser (>= 1.8, < 3.0)
      rexml (>= 3.2.5, < 4.0)
      rubocop-ast (>= 1.31.1, < 2.0)
      ruby-progressbar (~> 1.7)
      unicode-display_width (>= 2.4.0, < 3.0)
    rubocop-ast (1.31.3)
      parser (>= 3.3.1.0)
    rubocop-capybara (2.20.0)
      rubocop (~> 1.41)
    rubocop-factory_bot (2.25.1)
      rubocop (~> 1.41)
    rubocop-rspec (2.30.0)
      rubocop (~> 1.40)
      rubocop-capybara (~> 2.17)
      rubocop-factory_bot (~> 2.22)
      rubocop-rspec_rails (~> 2.28)
    rubocop-rspec_rails (2.28.3)
      rubocop (~> 1.40)
    ruby-progressbar (1.13.0)
    ruby_parser (3.21.0)
      racc (~> 1.5)
      sexp_processor (~> 4.16)
    runcom (11.4.1)
      refinements (~> 12.1)
      xdg (~> 8.3)
      zeitwerk (~> 2.6)
    sexp_processor (4.17.1)
    simplecov (0.22.0)
      docile (~> 1.1)
      simplecov-html (~> 0.11)
      simplecov_json_formatter (~> 0.1)
    simplecov-html (0.12.3)
    simplecov_json_formatter (0.1.4)
    sod (0.10.0)
      cogger (~> 0.16)
      containable (~> 0.0)
      infusible (~> 3.5)
      refinements (~> 12.1)
      tone (~> 1.0)
      zeitwerk (~> 2.6)
    spek (3.4.1)
      dry-monads (~> 1.6)
      refinements (~> 12.1)
      versionaire (~> 13.0)
      zeitwerk (~> 2.6)
    strscan (3.1.0)
    tone (1.4.1)
      refinements (~> 12.1)
      zeitwerk (~> 2.6)
    unicode-display_width (2.5.0)
    versionaire (13.4.0)
      refinements (~> 12.1)
    xdg (8.4.1)
    yard (0.9.36)
    zeitwerk (2.6.15)

PLATFORMS
  arm64-darwin-22
  arm64-darwin-23

DEPENDENCIES
  curses
  faker
  flay
  flog
  git-lint
  influxdb-client
  pg
  reek
  rspec
  rspec-mocks
  rubocop
  rubocop-rspec
  simplecov
  yard

BUNDLED WITH
   2.4.10
